GIT
  remote: git://github.com/ActiveState/cf-uaa-lib.git
  revision: b1e11235dc6cd7d8d4680e005526de37201305ea
  ref: b1e11235dc6cd7d8d4680e005526de37201305ea
  specs:
    cf-uaa-lib (3.1.0)
      multi_json

GIT
  remote: git://github.com/ActiveState/steno-codec-text.git
  revision: e760c1e058076d58262d7ae5dca9994f603495a4
  specs:
    steno-codec-text (0.1)
      steno (~> 1.1.0)

GIT
  remote: git://github.com/ActiveState/vcap-common.git
  revision: 0b3adb9a51aea8a4a41fb282206db32f3a26bb74
  specs:
    vcap_common (3.0.0)
      addressable (~> 2.2)
      em-http-request (~> 1.0)
      eventmachine
      httpclient
      membrane (~> 1.0.0)
      mime-types
      multipart-post
      nats (>= 0.5.0.beta.12, < 0.6)
      posix-spawn (~> 0.3.6)
      squash_ruby
      steno
      thin
      uuidtools
      vmstat (~> 2.0)
      yajl-ruby

GIT
  remote: git://github.com/cloudfoundry/cf-message-bus.git
  revision: b6a82b660598c7b5b94b269f7db66ca69a221228
  ref: b6a82b660598c7b5b94b269f7db66ca69a221228
  specs:
    cf-message-bus (0.3.3)
      eventmachine (~> 1.0.0)
      nats (>= 0.5.0.beta.16, < 0.6)
      vcap-concurrency
      yajl-ruby

GIT
  remote: git://github.com/cloudfoundry/cf-registrar.git
  revision: 20fdf4c15553eb90855300a81e276659c9dbd2f0
  specs:
    cf-registrar (1.0.3)
      cf-message-bus (~> 0.3.0)
      eventmachine (~> 1.0.0)
      steno
      vcap-concurrency

GIT
  remote: git://github.com/cloudfoundry/delayed_job_sequel.git
  revision: ae606dd8dd72f3491ff5073da2276dc6fcdd204e
  specs:
    delayed_job_sequel (4.0.1)
      delayed_job (~> 4.0.0)
      sequel (>= 3.38, < 5.0)
      tzinfo

GIT
  remote: git://github.com/cloudfoundry/stager-client.git
  revision: bf0e728a7acf2dbb2a369a70fb5e3e72c2fca71c
  ref: bf0e728a7acf2dbb2a369a70fb5e3e72c2fca71c
  specs:
    stager-client (0.0.2)
      eventmachine
      nats
      yajl-ruby

GIT
  remote: git://github.com/cloudfoundry/vcap-concurrency.git
  revision: 2a5b0179642cb3d3e7f912a6453ec5731979d115
  ref: 2a5b0179
  specs:
    vcap-concurrency (0.1.0)

GIT
  remote: git://github.com/intridea/grape.git
  revision: df8caf7d4065a26d15db73dbdcc651e0abf06216
  ref: df8caf7d4065a26d15db73dbdcc651e0abf06216
  specs:
    grape (0.7.0)
      activesupport
      builder
      hashie (>= 1.2.0)
      multi_json (>= 1.3.2)
      multi_xml (>= 0.5.2)
      rack (>= 1.3.0)
      rack-accept
      rack-mount
      virtus (>= 1.0.0)

GEM
  remote: https://rubygems.org/
  specs:
    activemodel (3.2.21)
      activesupport (= 3.2.21)
      builder (~> 3.0.0)
    activerecord (3.2.21)
      activemodel (= 3.2.21)
      activesupport (= 3.2.21)
      arel (~> 3.0.2)
      tzinfo (~> 0.3.29)
    activesupport (3.2.21)
      i18n (~> 0.6, >= 0.6.4)
      multi_json (~> 1.0)
    addressable (2.3.6)
    allowy (0.4.0)
      activesupport (>= 3.2)
      i18n
    arel (3.0.3)
    ast (2.0.0)
    astrolabe (1.3.0)
      parser (>= 2.2.0.pre.3, < 3.0)
    atomic (1.1.14)
    awesome_print (1.6.1)
    axiom-types (0.0.5)
      descendants_tracker (~> 0.0.1)
      ice_nine (~> 0.9)
    backports (3.6.3)
    bcrypt (3.1.7)
    beefcake (1.0.0)
    builder (3.0.0)
    celluloid (0.15.2)
      timers (~> 1.1.0)
    ci_reporter (1.9.0)
      builder (>= 2.1.2)
    clockwork (1.0.0)
      activesupport
      tzinfo
    cloudfront-signer (2.1.1)
    codeclimate-test-reporter (0.3.0)
      simplecov (>= 0.7.1, < 1.0.0)
    coderay (1.1.0)
    coercible (0.2.0)
      backports (~> 3.0, >= 3.1.0)
      descendants_tracker (~> 0.0.1)
    colored (1.2)
    columnize (0.3.6)
    cookiejar (0.3.0)
    crack (0.4.2)
      safe_yaml (~> 1.0.0)
    daemons (1.1.9)
    delayed_job (4.0.4)
      activesupport (>= 3.0, < 4.2)
    delayed_job_active_record (4.0.1)
      activerecord (>= 3.0, < 4.2)
      delayed_job (>= 3.0, < 4.1)
    descendants_tracker (0.0.3)
    diff-lcs (1.2.5)
    docile (1.1.1)
    docopt (0.5.0)
    em-http-request (1.1.2)
      addressable (>= 2.3.4)
      cookiejar
      em-socksify (>= 0.3)
      eventmachine (>= 1.0.3)
      http_parser.rb (>= 0.6.0)
    em-socksify (0.3.0)
      eventmachine (>= 1.0.0.beta.4)
    equalizer (0.0.8)
    errand (0.7.3)
    etcd (0.3.0)
      mixlib-log
    eventmachine (1.0.7)
    excon (0.44.1)
    fakefs (0.5.2)
    ffi (1.9.3)
    fluent-logger (0.4.7)
      msgpack (>= 0.4.4, < 0.6.0, != 0.5.3, != 0.5.2, != 0.5.1, != 0.5.0)
      yajl-ruby (~> 1.0)
    fog (1.22.1)
      fog-brightbox
      fog-core (~> 1.22)
      fog-json
      ipaddress (~> 0.5)
      nokogiri (~> 1.5, >= 1.5.11)
    fog-brightbox (0.1.1)
      fog-core (~> 1.22)
      fog-json
      inflecto
    fog-core (1.22.0)
      builder
      excon (~> 0.33)
      formatador (~> 0.2)
      mime-types
      net-scp (~> 1.1)
      net-ssh (>= 2.1.3)
    fog-json (1.0.0)
      multi_json (~> 1.0)
    formatador (0.2.4)
    futuroscope (0.1.5)
    guard (2.2.4)
      formatador (>= 0.2.4)
      listen (~> 2.1)
      lumberjack (~> 1.0)
      pry (>= 0.9.12)
      thor (>= 0.18.1)
    guard-rspec (4.3.1)
      guard (~> 2.1)
      rspec (>= 2.14, < 4.0)
    hashie (2.1.1)
    http_parser.rb (0.6.0)
    httpclient (2.5.3.3)
    i18n (0.6.11)
    ice_nine (0.10.0)
    inflecto (0.0.2)
    ipaddress (0.8.0)
    json (1.8.1)
    json_pure (1.8.1)
    librrd (1.0.3)
    listen (2.3.1)
      celluloid (>= 0.15.2)
      rb-fsevent (>= 0.9.3)
      rb-inotify (>= 0.9)
    loggregator_emitter (4.0.0)
      beefcake (~> 1.0.0)
    lumberjack (1.0.5)
    machinist (1.0.6)
    membrane (1.0.0)
    method_source (0.8.2)
    mime-types (2.4.3)
    mini_portile (0.6.0)
    mixlib-log (1.6.0)
    msgpack (0.5.8)
    multi_json (1.10.1)
    multi_xml (0.5.5)
    multipart-post (2.0.0)
    mustache (0.99.4)
    mysql2 (0.3.13)
    nats (0.5.0.beta.16)
      daemons (~> 1.1, >= 1.1.9)
      eventmachine (~> 1.0, >= 1.0.3)
      json_pure (~> 1.8, >= 1.8.1)
      thin (~> 1.6, >= 1.6.3)
    net-scp (1.1.2)
      net-ssh (>= 2.6.5)
    net-ssh (2.9.2)
    netaddr (1.5.0)
    newrelic_rpm (3.7.3.204)
    nokogiri (1.6.2.1)
      mini_portile (= 0.6.0)
    parallel (1.4.1)
    parallel_tests (0.16.0)
      parallel
    parser (2.2.0.3)
      ast (>= 1.1, < 3.0)
    pg (0.14.1)
    posix-spawn (0.3.8)
    powerpack (0.0.9)
    pry (0.9.12.6)
      coderay (~> 1.0)
      method_source (~> 0.8)
      slop (~> 3.4)
    rack (1.5.2)
    rack-accept (0.4.5)
      rack (>= 0.4)
    rack-mount (0.8.3)
      rack (>= 1.0.0)
    rack-protection (1.5.1)
      rack
    rack-test (0.6.2)
      rack (>= 1.0)
    rainbow (2.0.0)
    rake (10.3.2)
    rb-fsevent (0.9.4)
    rb-inotify (0.9.5)
      ffi (>= 0.5.0)
    rbvmomi (1.8.2)
      builder
      nokogiri (>= 1.4.1)
      trollop
    redis (3.0.6)
    rfc822 (0.1.4)
    roodi (4.0.0)
      ruby_parser (~> 3.2, >= 3.2.2)
    rspec (3.1.0)
      rspec-core (~> 3.1.0)
      rspec-expectations (~> 3.1.0)
      rspec-mocks (~> 3.1.0)
    rspec-collection_matchers (1.1.2)
      rspec-expectations (>= 2.99.0.beta1)
    rspec-core (3.1.7)
      rspec-support (~> 3.1.0)
    rspec-expectations (3.1.2)
      diff-lcs (>= 1.2.0, < 2.0)
      rspec-support (~> 3.1.0)
    rspec-instafail (0.2.5)
      rspec
    rspec-its (1.1.0)
      rspec-core (>= 3.0.0)
      rspec-expectations (>= 3.0.0)
    rspec-mocks (3.1.3)
      rspec-support (~> 3.1.0)
    rspec-support (3.1.2)
    rspec_api_documentation (4.3.0)
      activesupport (>= 3.0.0)
      json (~> 1.4, >= 1.4.6)
      mustache (~> 0.99, >= 0.99.4)
      rspec (>= 3.0.0)
    rspec_junit_formatter (0.2.0)
      builder (< 4)
      rspec (>= 2, < 4)
      rspec-core (!= 2.12.0)
    rubocop (0.28.0)
      astrolabe (~> 1.3)
      parser (>= 2.2.0.pre.7, < 3.0)
      powerpack (~> 0.0.6)
      rainbow (>= 1.99.1, < 3.0)
      ruby-progressbar (~> 1.4)
    ruby-hmac (0.4.0)
    ruby-progressbar (1.7.5)
    ruby-termios (0.9.6)
    ruby_parser (3.6.2)
      sexp_processor (~> 4.1)
    rubyzip (1.1.0)
    safe_yaml (1.0.4)
    sequel (4.17.0)
    sexp_processor (4.4.3)
    simplecov (0.9.1)
      docile (~> 1.1.0)
      multi_json (~> 1.0)
      simplecov-html (~> 0.8.0)
    simplecov-html (0.8.0)
    simplecov-rcov (0.2.3)
      simplecov (>= 0.4.1)
    sinatra (1.4.6)
      rack (~> 1.4)
      rack-protection (~> 1.4)
      tilt (>= 1.3, < 3)
    sinatra-contrib (1.4.2)
      backports (>= 2.0)
      multi_json
      rack-protection
      rack-test
      sinatra (~> 1.4.0)
      tilt (~> 1.3)
    slop (3.5.0)
    sqlite3 (1.3.7)
    squash_ruby (1.4.0)
      json
    stackato-kato (3.0.0)
      colored (= 1.2)
      docopt (= 0.5.0)
      futuroscope (~> 0.1.5)
      ipaddress (= 0.8.0)
      loggregator_emitter (= 4.0.0)
      mustache (= 0.99.4)
      pg (= 0.14.1)
      redis (= 3.0.6)
      ruby-termios (= 0.9.6)
      sqlite3 (= 1.3.7)
      term-ansicolor (= 1.0.7)
      xmlparser (= 0.7.2.1)
      yajl-ruby (= 1.1.0)
    steno (1.1.0)
      fluent-logger
      grape
      yajl-ruby (~> 1.0)
    talentbox-delayed_job_sequel (4.0.0)
      delayed_job (~> 4.0.0)
      sequel (>= 3.38, < 5.0)
      tzinfo
    term-ansicolor (1.0.7)
    thin (1.6.3)
      daemons (~> 1.0, >= 1.0.9)
      eventmachine (~> 1.0)
      rack (~> 1.0)
    thor (0.18.1)
    thread_safe (0.1.3)
      atomic
    tilt (1.4.1)
    timecop (0.7.1)
    timers (1.1.0)
    trollop (2.0)
    tzinfo (0.3.35)
    unf (0.1.3)
      unf_ext
    unf_ext (0.0.6)
    uuidtools (2.1.5)
    virtus (1.0.0)
      axiom-types (~> 0.0.5)
      coercible (~> 0.2)
      descendants_tracker (~> 0.0.1)
      equalizer (~> 0.0.7)
    vmstat (2.1.0)
    webmock (1.18.0)
      addressable (>= 2.3.6)
      crack (>= 0.3.2)
    xmlparser (0.7.2.1)
    yajl-ruby (1.1.0)

PLATFORMS
  ruby

DEPENDENCIES
  activemodel (= 3.2.21)
  activerecord (= 3.2.21)
  activesupport (= 3.2.21)
  addressable (= 2.3.6)
  allowy (= 0.4.0)
  arel (= 3.0.3)
  ast (= 2.0.0)
  atomic (= 1.1.14)
  awesome_print
  axiom-types (= 0.0.5)
  backports (= 3.6.3)
  bcrypt (= 3.1.7)
  beefcake (= 1.0.0)
  builder (= 3.0.0)
  celluloid (= 0.15.2)
  cf-message-bus (= 0.3.3)!
  cf-registrar (= 1.0.3)!
  cf-uaa-lib (= 3.1.0)!
  ci_reporter (= 1.9.0)
  clockwork (= 1.0.0)
  cloudfront-signer (= 2.1.1)
  codeclimate-test-reporter (= 0.3.0)
  coderay (= 1.1.0)
  coercible (= 0.2.0)
  colored (= 1.2)
  columnize (= 0.3.6)
  cookiejar (= 0.3.0)
  crack (= 0.4.2)
  daemons (= 1.1.9)
  delayed_job (= 4.0.4)
  delayed_job_active_record (= 4.0.1)
  delayed_job_sequel!
  descendants_tracker (= 0.0.3)
  diff-lcs (= 1.2.5)
  docile (= 1.1.1)
  docopt (= 0.5.0)
  em-http-request (= 1.1.2)
  em-socksify (= 0.3.0)
  equalizer (= 0.0.8)
  errand (= 0.7.3)
  etcd (= 0.3.0)
  eventmachine (~> 1.0.3)
  excon (= 0.44.1)
  fakefs (= 0.5.2)
  ffi (= 1.9.3)
  fluent-logger (= 0.4.7)
  fog (= 1.22.1)
  fog-brightbox (= 0.1.1)
  fog-core (= 1.22.0)
  fog-json (= 1.0.0)
  formatador (= 0.2.4)
  futuroscope (= 0.1.5)
  grape (= 0.7.0)!
  guard (= 2.2.4)
  guard-rspec (= 4.3.1)
  hashie (= 2.1.1)
  http_parser.rb (= 0.6.0)
  httpclient (= 2.5.3.3)
  i18n (= 0.6.11)
  ice_nine (= 0.10.0)
  inflecto (= 0.0.2)
  ipaddress (= 0.8.0)
  json (= 1.8.1)
  json_pure (= 1.8.1)
  librrd (= 1.0.3)
  listen (= 2.3.1)
  loggregator_emitter (= 4.0.0)
  lumberjack (= 1.0.5)
  machinist (~> 1.0.6)
  membrane (= 1.0.0)
  method_source (= 0.8.2)
  mime-types (= 2.4.3)
  mini_portile (= 0.6.0)
  msgpack (= 0.5.8)
  multi_json (= 1.10.1)
  multi_xml (= 0.5.5)
  multipart-post (= 2.0.0)
  mustache (= 0.99.4)
  mysql2 (= 0.3.13)
  nats (= 0.5.0.beta.16)
  net-scp (= 1.1.2)
  net-ssh (= 2.9.2)
  netaddr (= 1.5.0)
  newrelic_rpm (= 3.7.3.204)
  nokogiri (= 1.6.2.1)
  parallel_tests (= 0.16.0)
  pg (= 0.14.1)
  posix-spawn (= 0.3.8)
  pry (= 0.9.12.6)
  rack (= 1.5.2)
  rack-accept (= 0.4.5)
  rack-mount (= 0.8.3)
  rack-protection (= 1.5.1)
  rack-test (= 0.6.2)
  rake (= 10.3.2)
  rbvmomi (~> 1.8.2)
  redis (~> 3.0.4)
  rfc822 (= 0.1.4)
  roodi (= 4.0.0)
  rspec (= 3.1.0)
  rspec-collection_matchers (= 1.1.2)
  rspec-core (= 3.1.7)
  rspec-expectations (= 3.1.2)
  rspec-instafail (= 0.2.5)
  rspec-its (= 1.1.0)
  rspec-mocks (= 3.1.3)
  rspec-support (= 3.1.2)
  rspec_api_documentation (= 4.3.0)
  rspec_junit_formatter (= 0.2.0)
  rubocop (= 0.28.0)
  ruby-hmac (= 0.4.0)
  ruby-termios (= 0.9.6)
  ruby_parser (= 3.6.2)
  rubyzip (= 1.1.0)
  safe_yaml (= 1.0.4)
  sequel (= 4.17.0)
  sexp_processor (= 4.4.3)
  simplecov-html (= 0.8.0)
  simplecov-rcov (= 0.2.3)
  sinatra (~> 1.4.3)
  sinatra-contrib (= 1.4.2)
  slop (= 3.5.0)
  sqlite3 (= 1.3.7)
  squash_ruby (= 1.4.0)
  stackato-kato (~> 3.0.0)
  stager-client (~> 0.0.02)!
  steno (= 1.1.0)
  steno-codec-text (= 0.1)!
  talentbox-delayed_job_sequel (= 4.0.0)
  term-ansicolor (= 1.0.7)
  thin (= 1.6.3)
  thor (= 0.18.1)
  thread_safe (= 0.1.3)
  tilt (= 1.4.1)
  timecop (= 0.7.1)
  timers (= 1.1.0)
  trollop (= 2.0)
  tzinfo (= 0.3.35)
  unf (= 0.1.3)
  unf_ext (= 0.0.6)
  uuidtools (= 2.1.5)
  vcap-concurrency (= 0.1.0)!
  vcap_common (~> 3.0.0)!
  virtus (= 1.0.0)
  vmstat (= 2.1.0)
  webmock (= 1.18.0)
  xmlparser (= 0.7.2.1)
  yajl-ruby (= 1.1.0)
