GIT
  remote: git://github.com/ActiveState/cf-uaa-lib.git
  revision: 3026895da933a7b1102735db96568c007b4c9148
  ref: 3026895da933a7b1102735db96568c007b4c9148
  specs:
    cf-uaa-lib (2.0.0)
      multi_json

GIT
  remote: https://github.com/ActiveState/cf-message-bus.git
  revision: cb951d204beeb028dd98e36f087d2464d5059762
  branch: bug-102665
  specs:
    cf-message-bus (0.2.0)
      eventmachine (~> 1.0.0)
      nats (>= 0.5.0.beta.12, < 0.6)
      vcap-concurrency
      vcap-concurrency
      yajl-ruby

GIT
  remote: https://github.com/cloudfoundry/cf-registrar.git
  revision: fb7d89608eb78e3fa7174ec30f64cc60ce9735e2
  specs:
    cf-registrar (1.0.0)
      cf-message-bus
      eventmachine (~> 1.0.0)
      steno
      vcap-concurrency

GIT
  remote: https://github.com/cloudfoundry/stager-client.git
  revision: 04c2aee9ceed39571d47704a42a70beb472503b9
  ref: 04c2aee9
  specs:
    stager-client (0.0.2)
      eventmachine
      nats
      yajl-ruby

GIT
  remote: https://github.com/cloudfoundry/vcap-concurrency.git
  revision: 2a5b0179642cb3d3e7f912a6453ec5731979d115
  ref: 2a5b0179
  specs:
    vcap-concurrency (0.1.0)

PATH
  remote: ../common
  specs:
    vcap_common (3.0.0)
      addressable (~> 2.2)
      em-http-request (~> 1.0)
      eventmachine
      httpclient
      membrane (~> 0.0.2)
      mime-types
      multipart-post
      nats (>= 0.5.0.beta.12, < 0.6)
      posix-spawn (~> 0.3.6)
      squash_ruby
      steno
      thin
      uuidtools
      vmstat (~> 2.0)
      yajl-ruby

PATH
  remote: ../steno-codec-text
  specs:
    steno-codec-text (0.1)
      steno (~> 1.1.0)

GEM
  remote: https://rubygems.org/
  specs:
    activemodel (3.2.17)
      activesupport (= 3.2.17)
      builder (~> 3.0.0)
    activerecord (3.2.17)
      activemodel (= 3.2.17)
      activesupport (= 3.2.17)
      arel (~> 3.0.2)
      tzinfo (~> 0.3.29)
    activesupport (3.2.17)
      i18n (~> 0.6, >= 0.6.4)
      multi_json (~> 1.0)
    addressable (2.3.5)
    allowy (0.4.0)
      activesupport (>= 3.2)
      i18n
    arel (3.0.3)
    axiom-types (0.0.5)
      descendants_tracker (~> 0.0.1)
      ice_nine (~> 0.9)
    backports (3.3.5)
    bcrypt-ruby (3.1.2)
    beefcake (0.3.7)
    builder (3.0.4)
    celluloid (0.15.2)
      timers (~> 1.1.0)
    ci_reporter (1.9.0)
      builder (>= 2.1.2)
    clockwork (0.7.0)
      activesupport
      tzinfo (~> 0.3.35)
    cloudfront-signer (2.1.1)
    coderay (1.1.0)
    coercible (0.2.0)
      backports (~> 3.0, >= 3.1.0)
      descendants_tracker (~> 0.0.1)
    colored (1.2)
    columnize (0.3.6)
    cookiejar (0.3.0)
    crack (0.4.1)
      safe_yaml (~> 0.9.0)
    daemons (1.1.9)
    debugger (1.6.3)
      columnize (>= 0.3.1)
      debugger-linecache (~> 1.2.0)
      debugger-ruby_core_source (~> 1.2.4)
    debugger-linecache (1.2.0)
    debugger-ruby_core_source (1.2.4)
    delayed_job (4.0.0)
      activesupport (>= 3.0, < 4.1)
    delayed_job_active_record (4.0.0)
      activerecord (>= 3.0, < 4.1)
      delayed_job (>= 3.0, < 4.1)
    descendants_tracker (0.0.3)
    diff-lcs (1.2.5)
    docile (1.1.1)
    docopt (0.5.0)
    em-http-request (1.1.1)
      addressable (>= 2.3.4)
      cookiejar
      em-socksify (>= 0.3)
      eventmachine (>= 1.0.3)
      http_parser.rb (>= 0.6.0.beta.2)
    em-socksify (0.3.0)
      eventmachine (>= 1.0.0.beta.4)
    equalizer (0.0.8)
    errand (0.7.3)
    eventmachine (1.0.3)
    excon (0.28.0)
    fakefs (0.4.3)
    ffi (1.9.3)
    fluent-logger (0.4.7)
      msgpack (>= 0.4.4, < 0.6.0, != 0.5.3, != 0.5.2, != 0.5.1, != 0.5.0)
      yajl-ruby (~> 1.0)
    fog (1.18.0)
      builder
      excon (~> 0.28.0)
      formatador (~> 0.2.0)
      mime-types
      multi_json (~> 1.0)
      net-scp (~> 1.1)
      net-ssh (>= 2.1.3)
      nokogiri (~> 1.5)
      ruby-hmac
    formatador (0.2.4)
    futuroscope (0.1.5)
    grape (0.6.1)
      activesupport
      builder
      hashie (>= 1.2.0)
      multi_json (>= 1.3.2)
      multi_xml (>= 0.5.2)
      rack (>= 1.3.0)
      rack-accept
      rack-mount
      virtus (>= 1.0.0)
    guard (2.2.4)
      formatador (>= 0.2.4)
      listen (~> 2.1)
      lumberjack (~> 1.0)
      pry (>= 0.9.12)
      thor (>= 0.18.1)
    guard-rspec (4.1.0)
      guard (>= 2.1.1)
      rspec (~> 2.14)
    hashie (2.0.5)
    http_parser.rb (0.6.0.beta.2)
    httpclient (2.3.4.1)
    i18n (0.6.9)
    ice_nine (0.10.0)
    ipaddress (0.8.0)
    json (1.8.1)
    json_pure (1.8.1)
    librrd (1.0.3)
    listen (2.3.1)
      celluloid (>= 0.15.2)
      rb-fsevent (>= 0.9.3)
      rb-inotify (>= 0.9)
    loggregator_emitter (0.0.16)
      beefcake (~> 0.3.7)
    loggregator_messages (0.0.5.pre)
      beefcake (~> 0.3.7)
    lumberjack (1.0.4)
    machinist (1.0.6)
    membrane (0.0.2)
    method_source (0.8.2)
    mime-types (2.0)
    mini_portile (0.5.2)
    msgpack (0.5.7)
    multi_json (1.8.2)
    multi_xml (0.5.5)
    multipart-post (1.2.0)
    mustache (0.99.4)
    mysql2 (0.3.14)
    nats (0.5.0.beta.12)
      daemons (>= 1.1.9)
      eventmachine (>= 1.0.3)
      json_pure (>= 1.8.0)
      thin (>= 1.5.0)
    net-scp (1.1.2)
      net-ssh (>= 2.6.5)
    net-ssh (2.7.0)
    nokogiri (1.6.0)
      mini_portile (~> 0.5.0)
    parallel (0.9.1)
    parallel_tests (0.16.5)
      parallel
    pg (0.14.1)
    posix-spawn (0.3.6)
    pry (0.9.12.4)
      coderay (~> 1.0)
      method_source (~> 0.8)
      slop (~> 3.4)
    rack (1.5.2)
    rack-accept (0.4.5)
      rack (>= 0.4)
    rack-mount (0.8.3)
      rack (>= 1.0.0)
    rack-protection (1.5.1)
      rack
    rack-test (0.6.2)
      rack (>= 1.0)
    rake (10.1.0)
    rb-fsevent (0.9.3)
    rb-inotify (0.9.2)
      ffi (>= 0.5.0)
    rbvmomi (1.6.0)
      builder
      nokogiri (>= 1.4.1)
      trollop
    redis (3.0.6)
    rfc822 (0.1.4)
    rspec (2.14.1)
      rspec-core (~> 2.14.0)
      rspec-expectations (~> 2.14.0)
      rspec-mocks (~> 2.14.0)
    rspec-core (2.14.7)
    rspec-expectations (2.14.4)
      diff-lcs (>= 1.1.3, < 2.0)
    rspec-mocks (2.14.4)
    rspec_api_documentation (2.0.0)
      activesupport (>= 3.0.0)
      i18n (>= 0.1.0)
      json (>= 1.4.6)
      mustache (>= 0.99.4)
      rspec (>= 2.14.0)
      webmock (>= 1.7.0)
    ruby-hmac (0.4.0)
    ruby-termios (0.9.6)
    rubyzip (1.1.0)
    safe_yaml (0.9.7)
    sequel (3.48.0)
    simplecov (0.8.2)
      docile (~> 1.1.0)
      multi_json
      simplecov-html (~> 0.8.0)
    simplecov-html (0.8.0)
    simplecov-rcov (0.2.3)
      simplecov (>= 0.4.1)
    sinatra (1.4.4)
      rack (~> 1.4)
      rack-protection (~> 1.4)
      tilt (~> 1.3, >= 1.3.4)
    sinatra-contrib (1.4.2)
      backports (>= 2.0)
      multi_json
      rack-protection
      rack-test
      sinatra (~> 1.4.0)
      tilt (~> 1.3)
    slop (3.4.7)
    sqlite3 (1.3.7)
    squash_ruby (1.2.3)
      json
    stackato-kato (3.0.0)
      colored (= 1.2)
      docopt (= 0.5.0)
      futuroscope (~> 0.1.5)
      ipaddress (= 0.8.0)
      mustache (= 0.99.4)
      pg (= 0.14.1)
      redis (= 3.0.6)
      ruby-termios (= 0.9.6)
      sqlite3 (= 1.3.7)
      term-ansicolor (= 1.0.7)
      xmlparser (= 0.7.2.1)
      yajl-ruby (= 1.1.0)
    steno (1.1.0)
      fluent-logger
      grape
      yajl-ruby (~> 1.0)
    talentbox-delayed_job_sequel (4.0.0)
      delayed_job (~> 4.0.0)
      sequel (>= 3.38, < 5.0)
      tzinfo
    term-ansicolor (1.0.7)
    thin (1.6.1)
      daemons (>= 1.0.9)
      eventmachine (>= 1.0.0)
      rack (>= 1.0.0)
    thor (0.18.1)
    tilt (1.4.1)
    timecop (0.7.0)
    timers (1.1.0)
    trollop (2.0)
    tzinfo (0.3.38)
    unf (0.1.3)
      unf_ext
    unf_ext (0.0.6)
    uuidtools (2.1.4)
    virtus (1.0.0)
      axiom-types (~> 0.0.5)
      coercible (~> 0.2)
      descendants_tracker (~> 0.0.1)
      equalizer (~> 0.0.7)
    vmstat (2.0.0)
    webmock (1.16.0)
      addressable (>= 2.2.7)
      crack (>= 0.3.2)
    xmlparser (0.7.2.1)
    yajl-ruby (1.1.0)

PLATFORMS
  ruby

DEPENDENCIES
  activemodel (= 3.2.17)
  activerecord (= 3.2.17)
  activesupport (= 3.2.17)
  addressable (= 2.3.5)
  allowy (= 0.4.0)
  arel (= 3.0.3)
  axiom-types (= 0.0.5)
  backports (= 3.3.5)
  bcrypt-ruby (= 3.1.2)
  beefcake (= 0.3.7)
  builder (= 3.0.4)
  celluloid (= 0.15.2)
  cf-message-bus (= 0.2.0)!
  cf-registrar (= 1.0.0)!
  cf-uaa-lib (= 2.0.0)!
  ci_reporter (= 1.9.0)
  clockwork
  cloudfront-signer (= 2.1.1)
  coderay (= 1.1.0)
  coercible (= 0.2.0)
  colored (= 1.2)
  columnize (= 0.3.6)
  cookiejar (= 0.3.0)
  crack (= 0.4.1)
  daemons (= 1.1.9)
  debugger (= 1.6.3)
  debugger-linecache (= 1.2.0)
  debugger-ruby_core_source (= 1.2.4)
  delayed_job (= 4.0.0)
  delayed_job_active_record (= 4.0.0)
  descendants_tracker (= 0.0.3)
  diff-lcs (= 1.2.5)
  docile (= 1.1.1)
  docopt (= 0.5.0)
  em-http-request (= 1.1.1)
  em-socksify (= 0.3.0)
  equalizer (= 0.0.8)
  errand (= 0.7.3)
  eventmachine (= 1.0.3)
  excon (= 0.28.0)
  fakefs (= 0.4.3)
  ffi (= 1.9.3)
  fluent-logger (= 0.4.7)
  fog (= 1.18.0)
  formatador (= 0.2.4)
  futuroscope (= 0.1.5)
  grape (= 0.6.1)
  guard (= 2.2.4)
  guard-rspec (= 4.1.0)
  hashie (= 2.0.5)
  http_parser.rb (= 0.6.0.beta.2)
  httpclient (= 2.3.4.1)
  i18n (= 0.6.9)
  ice_nine (= 0.10.0)
  ipaddress (= 0.8.0)
  json (= 1.8.1)
  json_pure (= 1.8.1)
  librrd (= 1.0.3)
  listen (= 2.3.1)
  loggregator_emitter (= 0.0.16)
  loggregator_messages (= 0.0.5.pre)
  lumberjack (= 1.0.4)
  machinist (= 1.0.6)
  membrane (= 0.0.2)
  method_source (= 0.8.2)
  mime-types (= 2.0)
  mini_portile (= 0.5.2)
  msgpack (= 0.5.7)
  multi_json (= 1.8.2)
  multi_xml (= 0.5.5)
  multipart-post (= 1.2.0)
  mustache (= 0.99.4)
  mysql2 (= 0.3.14)
  nats (= 0.5.0.beta.12)
  net-scp (= 1.1.2)
  net-ssh (= 2.7.0)
  nokogiri (= 1.6.0)
  parallel (= 0.9.1)
  parallel_tests (= 0.16.5)
  pg (= 0.14.1)
  posix-spawn (= 0.3.6)
  pry (= 0.9.12.4)
  rack (= 1.5.2)
  rack-accept (= 0.4.5)
  rack-mount (= 0.8.3)
  rack-protection (= 1.5.1)
  rack-test (= 0.6.2)
  rake (= 10.1.0)
  rb-fsevent (= 0.9.3)
  rb-inotify (= 0.9.2)
  rbvmomi (= 1.6.0)
  redis (= 3.0.6)
  rfc822 (= 0.1.4)
  rspec (= 2.14.1)
  rspec-core (= 2.14.7)
  rspec-expectations (= 2.14.4)
  rspec-mocks (= 2.14.4)
  rspec_api_documentation
  ruby-hmac (= 0.4.0)
  ruby-termios (= 0.9.6)
  rubyzip (= 1.1.0)
  safe_yaml (= 0.9.7)
  sequel (= 3.48.0)
  simplecov (= 0.8.2)
  simplecov-html (= 0.8.0)
  simplecov-rcov (= 0.2.3)
  sinatra (= 1.4.4)
  sinatra-contrib (= 1.4.2)
  slop (= 3.4.7)
  sqlite3 (= 1.3.7)
  squash_ruby (= 1.2.3)
  stackato-kato (= 3.0.0)
  stager-client (= 0.0.2)!
  steno (= 1.1.0)
  steno-codec-text (= 0.1)!
  talentbox-delayed_job_sequel (= 4.0.0)
  term-ansicolor (= 1.0.7)
  thin (= 1.6.1)
  thor (= 0.18.1)
  tilt (= 1.4.1)
  timecop (= 0.7.0)
  timers (= 1.1.0)
  trollop (= 2.0)
  tzinfo (= 0.3.38)
  unf (= 0.1.3)
  vcap-concurrency (= 0.1.0)!
  vcap_common (= 3.0.0)!
  virtus (= 1.0.0)
  vmstat (= 2.0.0)
  webmock (= 1.16.0)
  xmlparser (= 0.7.2.1)
  yajl-ruby (= 1.1.0)
